GEM
  remote: http://rubygems.org/
  remote: http://dev-utility-lx07.amdc.mckinsey.com/
  remote: http://gemcutter.org/
  remote: http://gems.github.com/
  specs:
    actionmailer (2.3.18)
      actionpack (= 2.3.18)
    actionpack (2.3.18)
      activesupport (= 2.3.18)
      rack (~> 1.1.0)
    activerecord (2.3.18)
      activesupport (= 2.3.18)
    activeresource (2.3.18)
      activesupport (= 2.3.18)
    activesupport (2.3.18)
    rack (1.1.6)
    rails (2.3.18)
      actionmailer (= 2.3.18)
      actionpack (= 2.3.18)
      activerecord (= 2.3.18)
      activeresource (= 2.3.18)
      activesupport (= 2.3.18)
      rake (>= 0.8.3)
    rake (10.1.0)
    sqlite3 (1.3.8-x86-mingw32)
    sqlite3-ruby (1.3.3)
      sqlite3 (>= 1.3.3)

PLATFORMS
  x86-mingw32

DEPENDENCIES
  rails (= 2.3.18)
  sqlite3-ruby
